GEM
  remote: https://rubygems.org/
  specs:
    ethon (0.8.1)
      ffi (>= 1.3.0)
    ffi (1.9.10)
    pg (0.18.4)
    typhoeus (1.0.1)
      ethon (>= 0.8.0)

PLATFORMS
  ruby

DEPENDENCIES
  pg
  typhoeus

BUNDLED WITH
   1.11.2
